GIT
  remote: git://github.com/floehopper/floehopper-deploy.git
  revision: c217075e265303f0b74e918977d0e6a71308aa37
  specs:
    floehopper-deploy (0.1.2)
      freerange-deploy
      freerange-puppet

GIT
  remote: git://github.com/freerange/deploy.git
  revision: 7374b42c94815e58b9c2bbbe78aeed7860e3ed70
  tag: v1.0.14
  specs:
    freerange-deploy (1.0.14)
      capistrano
      capistrano-ext
      json
      request-log-analyzer
      right_aws (= 2.0.0)
      thor
      tinder (= 1.4.1)

GIT
  remote: git://github.com/freerange/freerange-puppet.git
  revision: dc54666cae71b8b6e0cc133cf998681d0936538f
  specs:
    freerange-puppet (1.1.18)
      capistrano
      capistrano-ext

GEM
  remote: http://rubygems.org/
  specs:
    aaronh-chronic (0.3.9)
    abstract (1.0.0)
    actionmailer (3.0.1)
      actionpack (= 3.0.1)
      mail (~> 2.2.5)
    actionpack (3.0.1)
      activemodel (= 3.0.1)
      activesupport (= 3.0.1)
      builder (~> 2.1.2)
      erubis (~> 2.6.6)
      i18n (~> 0.4.1)
      rack (~> 1.2.1)
      rack-mount (~> 0.6.12)
      rack-test (~> 0.5.4)
      tzinfo (~> 0.3.23)
    activemodel (3.0.1)
      activesupport (= 3.0.1)
      builder (~> 2.1.2)
      i18n (~> 0.4.1)
    activerecord (3.0.1)
      activemodel (= 3.0.1)
      activesupport (= 3.0.1)
      arel (~> 1.0.0)
      tzinfo (~> 0.3.23)
    activeresource (3.0.1)
      activemodel (= 3.0.1)
      activesupport (= 3.0.1)
    activesupport (3.0.1)
    arel (1.0.1)
      activesupport (~> 3.0.0)
    builder (2.1.2)
    capistrano (2.5.19)
      highline
      net-scp (>= 1.0.0)
      net-sftp (>= 2.0.0)
      net-ssh (>= 2.0.14)
      net-ssh-gateway (>= 1.0.0)
    capistrano-ext (1.2.1)
      capistrano (>= 1.0.0)
    crack (0.1.8)
    erubis (2.6.6)
      abstract (>= 1.0.0)
    eventmachine (0.12.10)
    ffi (0.6.3)
      rake (>= 0.8.7)
    highline (1.6.1)
    hoptoad_notifier (2.4.8)
      activesupport
      builder
    hpricot (0.8.4)
    htmlentities (4.2.4)
    httparty (0.7.4)
      crack (= 0.1.8)
    i18n (0.4.2)
    json (1.5.1)
    mail (2.2.13)
      activesupport (>= 2.3.6)
      i18n (>= 0.4.0)
      mime-types (~> 1.16)
      treetop (~> 1.4.8)
    mechanize (1.0.0)
      nokogiri (>= 1.2.1)
    mime-types (1.16)
    mysql (2.8.1)
    national-rail (0.4.12)
      activesupport (~> 3.0.0)
      ffi (= 0.6.3)
      hpricot (~> 0.8.2)
      htmlentities (~> 4.2.2)
      i18n (~> 0.4.1)
      mechanize (~> 1.0.0)
      nokogiri (~> 1.4.4)
      tidy_ffi (~> 0.1.3)
      tzinfo (~> 0.3.23)
    net-scp (1.0.4)
      net-ssh (>= 1.99.1)
    net-sftp (2.0.5)
      net-ssh (>= 2.0.9)
    net-ssh (2.0.23)
    net-ssh-gateway (1.0.1)
      net-ssh (>= 1.99.1)
    nokogiri (1.4.4)
    polyglot (0.3.1)
    rack (1.2.1)
    rack-mount (0.6.13)
      rack (>= 1.0.0)
    rack-test (0.5.6)
      rack (>= 1.0)
    rails (3.0.1)
      actionmailer (= 3.0.1)
      actionpack (= 3.0.1)
      activerecord (= 3.0.1)
      activeresource (= 3.0.1)
      activesupport (= 3.0.1)
      bundler (~> 1.0.0)
      railties (= 3.0.1)
    railties (3.0.1)
      actionpack (= 3.0.1)
      activesupport (= 3.0.1)
      rake (>= 0.8.4)
      thor (~> 0.14.0)
    rake (0.8.7)
    request-log-analyzer (1.10.1)
    right_aws (2.0.0)
      right_http_connection (>= 1.2.1)
    right_http_connection (1.3.0)
    roauth (0.0.3)
    thor (0.14.6)
    tidy_ffi (0.1.3)
      ffi (>= 0.3.5)
    tinder (1.4.1)
      activesupport
      eventmachine
      httparty
      mime-types
      twitter-stream
    treetop (1.4.9)
      polyglot (>= 0.3.1)
    twitter-stream (0.1.12)
      eventmachine (>= 0.12.8)
      roauth (>= 0.0.2)
    tzinfo (0.3.23)
    whenever (0.6.2)
      aaronh-chronic (>= 0.3.9)
      activesupport (>= 2.3.4)

PLATFORMS
  ruby

DEPENDENCIES
  floehopper-deploy!
  freerange-deploy!
  freerange-puppet!
  hoptoad_notifier
  mysql (= 2.8.1)
  national-rail (= 0.4.12)
  rails (= 3.0.1)
  whenever (= 0.6.2)
